GIT
  remote: git://github.com/MohawkApps/awesome_print_motion.git
  revision: c1f519ce93e5ee6dbdee39663516f4b4fb1fa2b4
  branch: bubblewrap-debug
  specs:
    awesome_print_motion (0.1.0)

GIT
  remote: git://github.com/clearsightstudio/ProMotion.git
  revision: 69d9531fdbfbba12a752e0875aea22bf0b015ef8
  branch: pm2
  specs:
    ProMotion (2.0.0)
      dbt (~> 1.1.4)
      methadone (~> 1.4)

GIT
  remote: git://github.com/markrickert/formotion.git
  revision: 6b8c6a861f9a349c2e4cbfbd47b70e156b5c524b
  branch: input-accessories-and-callback
  specs:
    formotion (1.7)
      bubble-wrap (>= 1.4.0)
      motion-require (>= 0.1.0)

GIT
  remote: git://github.com/rubymotion/BubbleWrap.git
  revision: 9c9c7c117c7d9275ad9faeec9b0825e4f41f6041
  specs:
    bubble-wrap (1.6.0)
      bubble-wrap-http (= 1.6.0)

GEM
  remote: https://rubygems.org/
  specs:
    activesupport (3.2.18)
      i18n (~> 0.6, >= 0.6.4)
      multi_json (~> 1.0)
    bubble-wrap-http (1.6.0)
    claide (0.6.1)
    cocoapods (0.33.1)
      activesupport (>= 3.2.15, < 4)
      claide (~> 0.6.1)
      cocoapods-core (= 0.33.1)
      cocoapods-downloader (~> 0.6.1)
      cocoapods-plugins (~> 0.2.0)
      cocoapods-trunk (~> 0.1.1)
      cocoapods-try (~> 0.3.0)
      colored (~> 1.2)
      escape (~> 0.0.4)
      json_pure (~> 1.8)
      nap (~> 0.7)
      open4 (~> 1.3)
      xcodeproj (~> 0.17.0)
    cocoapods-core (0.33.1)
      activesupport (>= 3.2.15)
      fuzzy_match (~> 2.0.4)
      json_pure (~> 1.8)
      nap (~> 0.5)
    cocoapods-downloader (0.6.1)
    cocoapods-plugins (0.2.0)
      nap
    cocoapods-trunk (0.1.3)
      json_pure (~> 1.8)
      nap (>= 0.6)
      netrc
    cocoapods-try (0.3.0)
    colored (1.2)
    dbt (1.1.4)
    escape (0.0.4)
    fuzzy_match (2.0.4)
    i18n (0.6.9)
    json_pure (1.8.1)
    methadone (1.4.0)
      bundler
    motion-cocoapods (1.5.0)
      cocoapods (>= 0.32.1)
    motion-require (0.2.0)
    multi_json (1.10.1)
    nap (0.7.0)
    netrc (0.7.7)
    open4 (1.3.4)
    rake (10.3.2)
    xcodeproj (0.17.0)
      activesupport (~> 3.0)
      colored (~> 1.2)

PLATFORMS
  ruby

DEPENDENCIES
  ProMotion!
  awesome_print_motion!
  bubble-wrap!
  cocoapods
  formotion!
  motion-cocoapods
  rake
